GEM
  remote: https://rubygems.org/
  specs:
    activesupport (4.2.6)
      i18n (~> 0.7)
      json (~> 1.7, >= 1.7.7)
      minitest (~> 5.1)
      thread_safe (~> 0.3, >= 0.3.4)
      tzinfo (~> 1.1)
    byebug (9.0.0)
    coderay (1.1.1)
    eventmachine (1.2.0.1)
    faraday (0.9.2)
      multipart-post (>= 1.2, < 3)
    faraday_middleware (0.10.0)
      faraday (>= 0.7.4, < 0.10)
    faye-websocket (0.10.3)
      eventmachine (>= 0.12.0)
      websocket-driver (>= 0.5.1)
    gli (2.13.4)
    hashie (3.4.4)
    i18n (0.7.0)
    json (1.8.3)
    method_source (0.8.2)
    mini_portile2 (2.4.0)
    minitest (5.8.4)
    multipart-post (2.0.0)
    nokogiri (1.10.5)
      mini_portile2 (~> 2.4.0)
    pry (0.10.3)
      coderay (~> 1.1.0)
      method_source (~> 0.8.1)
      slop (~> 3.4)
    slack-ruby-client (0.7.2)
      activesupport
      faraday
      faraday_middleware
      gli
      hashie
      json
      websocket-driver
    slop (3.6.0)
    thread_safe (0.3.5)
    tzinfo (1.2.2)
      thread_safe (~> 0.1)
    websocket-driver (0.6.3)
      websocket-extensions (>= 0.1.0)
    websocket-extensions (0.1.2)
    wolfram (0.2.1)
      nokogiri (>= 1.4.3)

PLATFORMS
  ruby

DEPENDENCIES
  byebug
  eventmachine
  faye-websocket
  pry
  slack-ruby-client
  wolfram (>= 0.2.1)

BUNDLED WITH
   1.17.3
